PATH
  remote: .
  specs:
    jekyll (3.0.0.pre.beta1)
      colorator (~> 0.1)
      jekyll-sass-converter (~> 1.0)
      jekyll-watch (~> 1.1)
      kramdown (~> 1.3)
      liquid (~> 3.0)
      mercenary (~> 0.3.3)
      rouge (~> 1.7)
      safe_yaml (~> 1.0)

GEM
  remote: https://rubygems.org/
  specs:
    activesupport (3.2.21)
      i18n (~> 0.6, >= 0.6.4)
      multi_json (~> 1.0)
    addressable (2.3.7)
    ansi (1.5.0)
    blankslate (2.1.2.4)
    builder (3.2.2)
    celluloid (0.16.0)
      timers (~> 4.0.0)
    classifier-reborn (2.0.3)
      fast-stemmer (~> 1.0)
    coffee-script (2.3.0)
      coffee-script-source
      execjs
    coffee-script-source (1.9.1)
    colorator (0.1)
    cucumber (1.3.18)
      builder (>= 2.1.2)
      diff-lcs (>= 1.1.3)
      gherkin (~> 2.12)
      multi_json (>= 1.7.5, < 2.0)
      multi_test (>= 0.1.1)
    diff-lcs (1.2.5)
    docile (1.1.5)
    execjs (2.3.0)
    fast-stemmer (1.0.2)
    ffi (1.9.6)
    gherkin (2.12.2)
      multi_json (~> 1.3)
    hitimes (1.2.2)
    i18n (0.7.0)
    jekyll-coffeescript (1.0.1)
      coffee-script (~> 2.2)
    jekyll-gist (1.1.0)
    jekyll-paginate (1.1.0)
    jekyll-sass-converter (1.3.0)
      sass (~> 3.2)
    jekyll-watch (1.2.1)
      listen (~> 2.7)
    jekyll_test_plugin (0.1.0)
    jekyll_test_plugin_malicious (0.1.0)
    json (1.8.2)
    kramdown (1.6.0)
    launchy (2.4.3)
      addressable (~> 2.3)
    liquid (3.0.1)
    liquid-c (3.0.0)
      liquid (>= 3.0.0)
    listen (2.8.5)
      celluloid (>= 0.15.2)
      rb-fsevent (>= 0.9.3)
      rb-inotify (>= 0.9)
    maruku (0.7.2)
    mercenary (0.3.5)
    mime-types (1.25.1)
    minitest (5.5.1)
    minitest-profile (0.0.2)
    minitest-reporters (1.0.11)
      ansi
      builder
      minitest (>= 5.0)
      ruby-progressbar
    multi_json (1.10.1)
    multi_test (0.1.2)
    parslet (1.5.0)
      blankslate (~> 2.0)
    posix-spawn (0.3.10)
    pygments.rb (0.6.2)
      posix-spawn (~> 0.3.6)
      yajl-ruby (~> 1.2.0)
    rake (10.4.2)
    rb-fsevent (0.9.4)
    rb-inotify (0.9.5)
      ffi (>= 0.5.0)
    rdiscount (2.1.8)
    rdoc (3.12.2)
      json (~> 1.4)
    redcarpet (3.2.2)
    redgreen (1.2.2)
    rouge (1.8.0)
    rr (1.1.2)
    ruby-progressbar (1.7.1)
    safe_yaml (1.0.4)
    sass (3.4.13)
    shoulda (3.5.0)
      shoulda-context (~> 1.0, >= 1.0.1)
      shoulda-matchers (>= 1.4.1, < 3.0)
    shoulda-context (1.2.1)
    shoulda-matchers (2.8.0)
      activesupport (>= 3.0.0)
    simplecov (0.9.2)
      docile (~> 1.1.0)
      multi_json (~> 1.0)
      simplecov-html (~> 0.9.0)
    simplecov-html (0.9.0)
    timers (4.0.1)
      hitimes
    toml (0.1.2)
      parslet (~> 1.5.0)
    yajl-ruby (1.2.1)

PLATFORMS
  ruby

DEPENDENCIES
  activesupport (~> 3.2.13)
  classifier-reborn (~> 2.0)
  cucumber (= 1.3.18)
  jekyll!
  jekyll-coffeescript (~> 1.0)
  jekyll-gist (~> 1.0)
  jekyll-paginate (~> 1.0)
  jekyll_test_plugin
  jekyll_test_plugin_malicious
  launchy (~> 2.3)
  liquid-c (~> 3.0)
  maruku (~> 0.7.0)
  mime-types (~> 1.5)
  minitest
  minitest-profile
  minitest-reporters
  pygments.rb (~> 0.6.0)
  rake (~> 10.1)
  rdiscount (~> 2.0)
  rdoc (~> 3.11)
  redcarpet (~> 3.1)
  redgreen (~> 1.2)
  rr (~> 1.1)
  shoulda (~> 3.5)
  simplecov (~> 0.9)
  toml (~> 0.1.0)
